NUGET
  remote: https://www.nuget.org/api/v2
    Dapper (1.42) - framework: >= net45
    dbup (3.2.1) - framework: >= net451
    FAKE (4.36)
    FSharp.Data (2.2.3) - framework: >= net45
    logentries.core (2.7.1) - framework: >= net45
      Microsoft.WindowsAzure.ConfigurationManager (>= 3.1) - framework: >= net40
    logentries.nlog (2.5.1) - framework: >= net45
      logentries.core (>= 2.7.1)
      NLog
    Microsoft.AspNet.Cors (5.2.2) - framework: >= net45
    Microsoft.AspNet.Identity.Core (2.2) - framework: >= net45
    Microsoft.AspNet.Identity.Owin (2.2) - framework: >= net45
      Microsoft.AspNet.Identity.Core (>= 2.2)
      Microsoft.Owin.Security (>= 2.1)
      Microsoft.Owin.Security.Cookies (>= 2.1)
      Microsoft.Owin.Security.OAuth (>= 2.1)
    Microsoft.AspNet.WebApi (5.2.3) - framework: >= net45
      Microsoft.AspNet.WebApi.WebHost (>= 5.2.3 < 5.3)
    Microsoft.AspNet.WebApi.Client (5.2.3) - framework: >= net45
      Newtonsoft.Json (>= 6.0.4) - framework: >= net45, portable-wp80+win+wp81+wpa81
    Microsoft.AspNet.WebApi.Core (5.2.3) - framework: >= net45
      Microsoft.AspNet.WebApi.Client (>= 5.2.3)
    Microsoft.AspNet.WebApi.Owin (5.2.3) - framework: >= net45
      Microsoft.AspNet.WebApi.Core (>= 5.2.3 < 5.3)
      Microsoft.Owin (>= 2.0.2)
      Owin (>= 1.0)
    Microsoft.AspNet.WebApi.Tracing (5.2.3) - framework: >= net45
      Microsoft.AspNet.WebApi.Core (>= 5.2.3 < 5.3)
    Microsoft.AspNet.WebApi.WebHost (5.2.3) - framework: >= net45
      Microsoft.AspNet.WebApi.Core (>= 5.2.3 < 5.3)
    Microsoft.Owin (3.0.1) - framework: >= net45
      Owin (>= 1.0)
    Microsoft.Owin.Cors (3.0.1) - framework: >= net45
      Microsoft.AspNet.Cors (>= 5.0)
      Microsoft.Owin (>= 3.0.1)
      Owin (>= 1.0)
    Microsoft.Owin.Diagnostics (3.0.1) - framework: >= net45
      Microsoft.Owin (>= 3.0.1)
      Owin (>= 1.0)
    Microsoft.Owin.FileSystems (3.0.1) - framework: >= net45
    Microsoft.Owin.Host.HttpListener (3.0.1) - framework: >= net45
    Microsoft.Owin.Hosting (3.0.1) - framework: >= net45
      Microsoft.Owin (>= 3.0.1)
      Owin (>= 1.0)
    Microsoft.Owin.Security (3.0.1) - framework: >= net45
      Microsoft.Owin (>= 3.0.1)
      Owin (>= 1.0)
    Microsoft.Owin.Security.Cookies (3.0.1) - framework: >= net45
      Microsoft.Owin (>= 3.0.1)
      Microsoft.Owin.Security (>= 3.0.1)
      Owin (>= 1.0)
    Microsoft.Owin.Security.Facebook (3.0.1) - framework: >= net45
      Microsoft.Owin (>= 3.0.1)
      Microsoft.Owin.Security (>= 3.0.1)
      Newtonsoft.Json (>= 6.0.4)
      Owin (>= 1.0)
    Microsoft.Owin.Security.OAuth (3.0.1) - framework: >= net45
      Microsoft.Owin (>= 3.0.1)
      Microsoft.Owin.Security (>= 3.0.1)
      Newtonsoft.Json (>= 6.0.4)
      Owin (>= 1.0)
    Microsoft.Owin.Security.Twitter (3.0.1) - framework: >= net45
      Microsoft.Owin (>= 3.0.1)
      Microsoft.Owin.Security (>= 3.0.1)
      Newtonsoft.Json (>= 6.0.4)
      Owin (>= 1.0)
    Microsoft.Owin.SelfHost (3.0.1) - framework: >= net45
      Microsoft.Owin (>= 3.0.1)
      Microsoft.Owin.Diagnostics (>= 3.0.1)
      Microsoft.Owin.Host.HttpListener (>= 3.0.1)
      Microsoft.Owin.Hosting (>= 3.0.1)
      Owin (>= 1.0)
    Microsoft.Owin.StaticFiles (3.0.1) - framework: >= net45
      Microsoft.Owin (>= 3.0.1)
      Microsoft.Owin.FileSystems (>= 3.0.1)
      Owin (>= 1.0)
    Microsoft.WindowsAzure.ConfigurationManager (3.1) - framework: >= net45
    Newtonsoft.Json (6.0.4) - framework: >= net45
    NLog (4.0.1) - framework: >= net45
    Npgsql (2.2.1) - framework: >= net45
    Owin (1.0) - framework: >= net45
    Owin.Security.AesDataProtectorProvider (1.1) - framework: >= net45
      Microsoft.Owin.Security (>= 3.0.1)
